GEM
  remote: http://rubygems.org/
  specs:
    RedCloth (4.2.3)
    actionmailer (2.3.14)
      actionpack (= 2.3.14)
    actionpack (2.3.14)
      activesupport (= 2.3.14)
      rack (~> 1.1.0)
    activerecord (2.3.14)
      activesupport (= 2.3.14)
    activeresource (2.3.14)
      activesupport (= 2.3.14)
    activesupport (2.3.14)
    daemons (1.1.8)
    eventmachine (0.12.10)
    fakeweb (1.2.8)
    fastercsv (1.5.3)
    hpricot (0.7)
    json (1.4.3)
    rack (1.1.3)
    rack-cache (0.5.3)
      rack (>= 0.4)
    rails (2.3.14)
      actionmailer (= 2.3.14)
      actionpack (= 2.3.14)
      activerecord (= 2.3.14)
      activeresource (= 2.3.14)
      activesupport (= 2.3.14)
      rake (>= 0.8.3)
    rake (0.9.2.2)
    sqlite3-ruby (1.2.5)
    thin (1.2.7)
      daemons (>= 1.0.9)
      eventmachine (>= 0.12.6)
      rack (>= 1.0.0)
    will_paginate (2.3.12)

PLATFORMS
  ruby

DEPENDENCIES
  RedCloth (= 4.2.3)
  fakeweb (= 1.2.8)
  fastercsv (= 1.5.3)
  hpricot (= 0.7)
  json (= 1.4.3)
  rack-cache (= 0.5.3)
  rails (= 2.3.14)
  sqlite3-ruby (= 1.2.5)
  thin (= 1.2.7)
  will_paginate (= 2.3.12)
